PATH
  remote: .
  specs:
    cocaine (0.1.0)

GEM
  remote: http://rubygems.org/
  specs:
    bourne (1.0)
      mocha (= 0.9.8)
    diff-lcs (1.1.2)
    mocha (0.9.8)
      rake
    rake (0.9.2)
    rspec (2.6.0)
      rspec-core (~> 2.6.0)
      rspec-expectations (~> 2.6.0)
      rspec-mocks (~> 2.6.0)
    rspec-core (2.6.3)
    rspec-expectations (2.6.0)
      diff-lcs (~> 1.1.2)
    rspec-mocks (2.6.0)

PLATFORMS
  java
  ruby

DEPENDENCIES
  bourne
  cocaine!
  mocha
  rake
  rspec
